PATH
  remote: .
  specs:
    ruby-geonames (0.2.9)

GEM
  remote: http://rubygems.org/
  specs:

PLATFORMS
  ruby

DEPENDENCIES
  ruby-geonames!
